GEM
  remote: https://rubygems.org/
  specs:
    diff-lcs (1.2.5)
    facter (1.6.18)
    hiera (1.3.4)
      json_pure
    json (1.8.3)
    json_pure (1.8.2)
    puppet (3.4.3)
      facter (~> 1.6)
      hiera (~> 1.0)
      rgen (~> 0.6.5)
    rake (10.4.2)
    rgen (0.6.6)
    rspec (3.3.0)
      rspec-core (~> 3.3.0)
      rspec-expectations (~> 3.3.0)
      rspec-mocks (~> 3.3.0)
    rspec-core (3.3.1)
      rspec-support (~> 3.3.0)
    rspec-expectations (3.3.0)
      diff-lcs (>= 1.2.0, < 2.0)
      rspec-support (~> 3.3.0)
    rspec-mocks (3.3.1)
      diff-lcs (>= 1.2.0, < 2.0)
      rspec-support (~> 3.3.0)
    rspec-support (3.3.0)

PLATFORMS
  ruby

DEPENDENCIES
  json (~> 1.8.0)
  puppet
  rake
  rspec
  rspec-core
  rspec-mocks
